GEM
  remote: http://rubygems.org/
  specs:
    mustache (0.11.2)
    rake (0.8.7)
    rdiscount (1.6.5)
    rspec (1.3.0)

PLATFORMS
  ruby

DEPENDENCIES
  mustache (~> 0.11)
  rake
  rdiscount
  rspec
