GEM
  remote: http://rubygems.org/
  specs:
    diff-lcs (1.1.2)
    mustache (0.11.2)
    rack (1.2.1)
    rake (0.8.7)
    rdiscount (1.6.5)
    rspec (2.0.0)
      rspec-core (= 2.0.0)
      rspec-expectations (= 2.0.0)
      rspec-mocks (= 2.0.0)
    rspec-core (2.0.0)
    rspec-expectations (2.0.0)
      diff-lcs (>= 1.1.2)
    rspec-mocks (2.0.0)
      rspec-core (= 2.0.0)
      rspec-expectations (= 2.0.0)
    shotgun (0.8)
      rack (>= 1.0)

PLATFORMS
  ruby

DEPENDENCIES
  mustache (~> 0.11)
  rack
  rake
  rdiscount
  rspec
  shotgun
